GEM
  remote: http://rubygems.org/
  specs:
    sass (3.4.24)

PLATFORMS
  ruby

DEPENDENCIES
  sass

RUBY VERSION
   ruby 2.3.3p222

BUNDLED WITH
   1.15.1
